GEM
  remote: https://rubygems.org/
  specs:
    binding_of_caller (0.7.2)
      debug_inspector (>= 0.0.1)
    coderay (1.1.0)
    columnize (0.3.6)
    debug_inspector (0.0.2)
    debugger (1.6.6)
      columnize (>= 0.3.1)
      debugger-linecache (~> 1.2.0)
      debugger-ruby_core_source (~> 1.3.2)
    debugger-linecache (1.2.0)
    debugger-ruby_core_source (1.3.2)
    ethon (0.6.3)
      ffi (>= 1.3.0)
      mime-types (~> 1.18)
    ffi (1.9.3)
    method_source (0.8.2)
    mime-types (1.25.1)
    mini_portile (0.5.2)
    nokogiri (1.6.1)
      mini_portile (~> 0.5.0)
    pry (0.9.12.6)
      coderay (~> 1.0)
      method_source (~> 0.8)
      slop (~> 3.4)
    pry-debugger (0.2.2)
      debugger (~> 1.3)
      pry (~> 0.9.10)
    pry-stack_explorer (0.4.9.1)
      binding_of_caller (>= 0.7)
      pry (>= 0.9.11)
    slop (3.4.7)
    typhoeus (0.6.7)
      ethon (~> 0.6.2)
    xml-simple (1.1.3)
    yahoo_weatherman (2.0.0)
      nokogiri

PLATFORMS
  ruby

DEPENDENCIES
  pry
  pry-debugger
  pry-stack_explorer
  typhoeus
  xml-simple
  yahoo_weatherman
